GEM
  remote: http://rubygems.org/
  specs:
    actionpack (3.2.8)
      activemodel (= 3.2.8)
      activesupport (= 3.2.8)
      builder (~> 3.0.0)
      erubis (~> 2.7.0)
      journey (~> 1.0.4)
      rack (~> 1.4.0)
      rack-cache (~> 1.2)
      rack-test (~> 0.6.1)
      sprockets (~> 2.1.3)
    activemodel (3.2.8)
      activesupport (= 3.2.8)
      builder (~> 3.0.0)
    activerecord (3.2.8)
      activemodel (= 3.2.8)
      activesupport (= 3.2.8)
      arel (~> 3.0.2)
      tzinfo (~> 0.3.29)
    activesupport (3.2.8)
      i18n (~> 0.6)
      multi_json (~> 1.0)
    arel (3.0.2)
    backports (2.6.5)
    builder (3.0.3)
    crack (0.3.1)
    daemons (1.1.9)
    erubis (2.7.0)
    eventmachine (1.0.0)
    happymapper (0.4.0)
      libxml-ruby (~> 2.0)
    highline (1.6.13)
    hike (1.2.1)
    i18n (0.6.1)
    jira (0.1.0)
      rest-client (>= 1.0.3)
      xml-simple (>= 1.0.12)
    jira-ruby (0.1.2)
      activesupport
      oauth
      railties
    journey (1.0.4)
    json (1.7.6)
    libxml-ruby (2.3.3)
    mime-types (1.19)
    multi_json (1.3.6)
    nokogiri (1.5.5)
    nokogiri-happymapper (0.5.6)
      nokogiri (~> 1.5)
    oauth (0.4.7)
    pg (0.14.1)
    pivotal-tracker (0.5.10)
    rack (1.4.1)
    rack-cache (1.2)
      rack (>= 0.4)
    rack-protection (1.2.0)
      rack
    rack-ssl (1.3.2)
      rack
    rack-test (0.6.2)
      rack (>= 1.0)
    railties (3.2.8)
      actionpack (= 3.2.8)
      activesupport (= 3.2.8)
      rack-ssl (~> 1.3.2)
      rake (>= 0.8.7)
      rdoc (~> 3.4)
      thor (>= 0.14.6, < 2.0)
    rake (10.0.3)
    rdoc (3.12)
      json (~> 1.4)
    redis (3.0.2)
    rest-client (1.6.7)
      mime-types (>= 1.16)
    sinatra (1.3.3)
      rack (~> 1.3, >= 1.3.6)
      rack-protection (~> 1.2)
      tilt (~> 1.3, >= 1.3.3)
    sinatra-contrib (1.3.2)
      backports (>= 2.0)
      eventmachine
      rack-protection
      rack-test
      sinatra (~> 1.3.0)
      tilt (~> 1.3)
    sprockets (2.1.3)
      hike (~> 1.2)
      rack (~> 1.0)
      tilt (~> 1.1, != 1.3.0)
    thin (1.5.0)
      daemons (>= 1.0.9)
      eventmachine (>= 0.12.6)
      rack (>= 1.0.0)
    thor (0.16.0)
    tilt (1.3.3)
    tzinfo (0.3.33)
    xml-simple (1.1.2)
    yajl-ruby (1.1.0)

PLATFORMS
  ruby

DEPENDENCIES
  activerecord
  crack
  happymapper
  highline
  jira
  jira-ruby
  nokogiri
  nokogiri-happymapper
  pg
  pivotal-tracker
  redis
  rest-client
  sinatra
  sinatra-contrib
  thin
  yajl-ruby
